GIT
  remote: https://github.com/minicomp/wax.git
  revision: 12760cad21fb71b4f09d33bf3a6eb4e8e6b9d97f
  branch: main
  specs:
    wax_theme (1.0.1)
      jekyll (~> 4.1)
      wax_tasks (~> 1.1)

GIT
  remote: https://github.com/minicomp/wax_iiif.git
  revision: 6919f0438ec3090f4c9b1bb8e3bbb51a0d5bc808
  branch: main
  specs:
    wax_iiif (0.2.0)
      mini_magick (~> 4.9)
      parallel (~> 1.17)
      progress_bar (~> 1.3)
      rainbow (~> 3.0)

GIT
  remote: https://github.com/minicomp/wax_tasks.git
  revision: c0c78bc623a22522a531436048414d2ae4944136
  branch: feature/pipe-separated-lists
  specs:
    wax_tasks (1.2.0)
      progress_bar (~> 1.3)
      rainbow (~> 3.0)
      rake (~> 13.0)
      safe_yaml (~> 1.0)
      wax_iiif (~> 0.2)

GEM
  remote: https://rubygems.org/
  specs:
    addressable (2.8.0)
      public_suffix (>= 2.0.2, < 5.0)
    colorator (1.1.0)
    concurrent-ruby (1.1.9)
    em-websocket (0.5.2)
      eventmachine (>= 0.12.9)
      http_parser.rb (~> 0.6.0)
    ethon (0.14.0)
      ffi (>= 1.15.0)
    eventmachine (1.2.7)
    ffi (1.15.3)
    forwardable-extended (2.6.0)
    highline (2.0.3)
    html-proofer (3.19.2)
      addressable (~> 2.3)
      mercenary (~> 0.3)
      nokogumbo (~> 2.0)
      parallel (~> 1.3)
      rainbow (~> 3.0)
      typhoeus (~> 1.3)
      yell (~> 2.0)
    http_parser.rb (0.6.0)
    i18n (1.8.10)
      concurrent-ruby (~> 1.0)
    jekyll (4.1.1)
      addressable (~> 2.4)
      colorator (~> 1.0)
      em-websocket (~> 0.5)
      i18n (~> 1.0)
      jekyll-sass-converter (~> 2.0)
      jekyll-watch (~> 2.0)
      kramdown (~> 2.1)
      kramdown-parser-gfm (~> 1.0)
      liquid (~> 4.0)
      mercenary (~> 0.4.0)
      pathutil (~> 0.9)
      rouge (~> 3.0)
      safe_yaml (~> 1.0)
      terminal-table (~> 1.8)
    jekyll-sass-converter (2.1.0)
      sassc (> 2.0.1, < 3.0)
    jekyll-watch (2.2.1)
      listen (~> 3.0)
    kramdown (2.3.1)
      rexml
    kramdown-parser-gfm (1.1.0)
      kramdown (~> 2.0)
    liquid (4.0.3)
    listen (3.6.0)
      rb-fsevent (~> 0.10, >= 0.10.3)
      rb-inotify (~> 0.9, >= 0.9.10)
    mercenary (0.4.0)
    mini_magick (4.11.0)
    mini_portile2 (2.5.3)
    nokogiri (1.11.7)
      mini_portile2 (~> 2.5.0)
      racc (~> 1.4)
    nokogumbo (2.0.5)
      nokogiri (~> 1.8, >= 1.8.4)
    options (2.3.2)
    parallel (1.20.1)
    pathutil (0.16.2)
      forwardable-extended (~> 2.6)
    progress_bar (1.3.3)
      highline (>= 1.6, < 3)
      options (~> 2.3.0)
    public_suffix (4.0.6)
    racc (1.5.2)
    rainbow (3.0.0)
    rake (13.0.6)
    rb-fsevent (0.11.0)
    rb-inotify (0.10.1)
      ffi (~> 1.0)
    rexml (3.2.5)
    rouge (3.26.0)
    ruby-vips (2.1.3)
      ffi (~> 1.12)
    safe_yaml (1.0.5)
    sassc (2.4.0)
      ffi (~> 1.9)
    terminal-table (1.8.0)
      unicode-display_width (~> 1.1, >= 1.1.1)
    typhoeus (1.4.0)
      ethon (>= 0.9.0)
    unicode-display_width (1.7.0)
    yell (2.2.2)

PLATFORMS
  ruby

DEPENDENCIES
  html-proofer
  jekyll (= 4.1.1)
  ruby-vips (~> 2.1)
  wax_iiif!
  wax_tasks!
  wax_theme!

BUNDLED WITH
   2.1.4
